GIT
  remote: git@github.com:the-container-store/TCS-Gem-IOS.git
  revision: da8b7cdf7919b320771be910d00a2af55c353935
  specs:
    tcs-services (1.0.0)
      bubble-wrap (~> 1.4.0)
      motion-cocoapods (~> 1.3.6)
      motion-logger (~> 0.1.3)
      motion-state-machine (~> 0.8.2)
      sugarcube (~> 1.0.1)

PATH
  remote: .
  specs:
    TCSMotion (1.0.0)
      bubble-wrap (~> 1.4.0)
      sugarcube (~> 1.0.1)

GEM
  remote: http://rubygems.org/
  specs:
    activesupport (3.2.15)
      i18n (~> 0.6, >= 0.6.4)
      multi_json (~> 1.0)
    bubble-wrap (1.4.0)
    claide (0.3.2)
    cocoapods (0.27.1)
      activesupport (>= 3.2.15, < 4)
      claide (~> 0.3.2)
      cocoapods-core (= 0.27.1)
      cocoapods-downloader (~> 0.2.0)
      colored (~> 1.2)
      escape (~> 0.0.4)
      json_pure (~> 1.8)
      open4 (~> 1.3)
      xcodeproj (~> 0.14.0)
    cocoapods-core (0.27.1)
      activesupport (>= 3.2.15, < 4)
      json_pure (~> 1.8)
      nap (~> 0.5)
    cocoapods-downloader (0.2.0)
    colored (1.2)
    escape (0.0.4)
    i18n (0.6.5)
    json_pure (1.8.1)
    motion-cocoapods (1.3.7)
      cocoapods (>= 0.17.0)
    motion-logger (0.1.3)
      motion-cocoapods (>= 1.1.0)
    motion-state-machine (0.8.4)
    motion-stump (0.3.0)
    multi_json (1.8.2)
    nap (0.5.1)
    open4 (1.3.0)
    rake (10.1.0)
    sugarcube (1.0.7)
    xcodeproj (0.14.0)
      activesupport (~> 3.0)
      colored (~> 1.2)

PLATFORMS
  ruby

DEPENDENCIES
  TCSMotion!
  motion-stump (~> 0.3.0)
  rake
  tcs-services!
